GEM
  remote: https://rubygems.org/
  specs:
    activesupport (4.2.5.1)
      i18n (~> 0.7)
      json (~> 1.7, >= 1.7.7)
      minitest (~> 5.1)
      thread_safe (~> 0.3, >= 0.3.4)
      tzinfo (~> 1.1)
    addressable (2.4.0)
    geoip (1.6.1)
    i18n (0.7.0)
    json (1.8.3)
    minitest (5.8.4)
    rake (10.5.0)
    thread_safe (0.3.5)
    tzinfo (1.2.2)
      thread_safe (~> 0.1)
    useragent (0.16.3)

PLATFORMS
  ruby

DEPENDENCIES
  activesupport
  addressable
  geoip
  rake
  useragent

BUNDLED WITH
   1.11.2
